GEM
  remote: https://rubygems.org/
  specs:
    backports (3.10.3)
    better_errors (2.4.0)
      coderay (>= 1.0.0)
      erubi (>= 1.0.0)
      rack (>= 0.9.0)
    binding_of_caller (0.7.3)
      debug_inspector (>= 0.0.1)
    byebug (9.1.0)
    coderay (1.1.2)
    daemons (1.2.5)
    debug_inspector (0.0.3)
    erubi (1.7.0)
    eventmachine (1.2.5)
    haml (5.0.4)
      temple (>= 0.8.0)
      tilt
    multi_json (1.12.2)
    mustermann (1.0.1)
    rack (2.0.3)
    rack-contrib (2.0.1)
      rack (~> 2.0)
    rack-protection (2.0.0)
      rack
    rack-test (0.8.2)
      rack (>= 1.0, < 3)
    racksh (1.0.0)
      rack (>= 1.0)
      rack-test (>= 0.5)
    require_all (1.4.0)
    sinatra (2.0.0)
      mustermann (~> 1.0)
      rack (~> 2.0)
      rack-protection (= 2.0.0)
      tilt (~> 2.0)
    sinatra-contrib (2.0.0)
      backports (>= 2.0)
      multi_json
      mustermann (~> 1.0)
      rack-protection (= 2.0.0)
      sinatra (= 2.0.0)
      tilt (>= 1.3, < 3)
    sinatra-reloader (1.0)
      sinatra-contrib
    temple (0.8.0)
    thin (1.7.2)
      daemons (~> 1.0, >= 1.0.9)
      eventmachine (~> 1.0, >= 1.0.4)
      rack (>= 1, < 3)
    tilt (2.0.8)

PLATFORMS
  ruby

DEPENDENCIES
  better_errors
  binding_of_caller
  byebug
  haml
  rack-contrib
  racksh
  require_all
  sinatra
  sinatra-contrib
  sinatra-reloader
  thin

BUNDLED WITH
   1.16.0
